GEM
  remote: http://rubygems.org/
  specs:
    ansi (1.4.3)
    git (1.2.5)
    jeweler (1.8.4)
      bundler (~> 1.0)
      git (>= 1.2.5)
      rake
      rdoc
    json (1.7.7)
    minitest (4.7.0)
    minitest-ansi (0.1.1)
      ansi (~> 1.4.0)
      minitest (~> 4.3)
    rake (10.0.3)
    rdoc (4.0.0)
      json (~> 1.4)

PLATFORMS
  ruby

DEPENDENCIES
  bundler
  jeweler (~> 1.8.4)
  minitest
  minitest-ansi
  rdoc
